GEM
  specs:
    rainbow (3.0.0)

PLATFORMS
  ruby

DEPENDENCIES
  rainbow (~> 3.0)

BUNDLED WITH
   2.1.4
